GEM
  remote: https://rubygems.org/
  specs:
    dotenv (0.9.0)
    foreman (0.63.0)
      dotenv (>= 0.7)
      thor (>= 0.13.6)
    puma (2.7.1)
      rack (>= 1.1, < 2.0)
    rack (1.5.2)
    thor (0.18.1)

PLATFORMS
  ruby

DEPENDENCIES
  foreman
  puma
  rack
